GEM
  remote: https://rubygems.org/
  specs:
    ruby_expect (1.7.3)

PLATFORMS
  ruby

DEPENDENCIES
  ruby_expect (= 1.7.3)

BUNDLED WITH
   1.12.3
